PATH
  remote: .
  specs:
    ctype (0.3.0)

GEM
  remote: https://rubygems.org/
  specs:

PLATFORMS
  x86_64-linux

DEPENDENCIES
  ctype!

BUNDLED WITH
   2.3.7
